PATH
  remote: .
  specs:
    trusted-sandbox (0.1.2)
      docker-api (~> 1.13)
      thor (~> 0.19)

GEM
  remote: https://rubygems.org/
  specs:
    archive-tar-minitar (0.5.2)
    diff-lcs (1.2.5)
    docker-api (1.13.6)
      archive-tar-minitar
      excon (>= 0.38.0)
      json
    excon (0.40.0)
    json (1.8.1)
    rake (10.1.0)
    rr (1.1.2)
    rspec (3.1.0)
      rspec-core (~> 3.1.0)
      rspec-expectations (~> 3.1.0)
      rspec-mocks (~> 3.1.0)
    rspec-core (3.1.7)
      rspec-support (~> 3.1.0)
    rspec-expectations (3.1.2)
      diff-lcs (>= 1.2.0, < 2.0)
      rspec-support (~> 3.1.0)
    rspec-mocks (3.1.3)
      rspec-support (~> 3.1.0)
    rspec-support (3.1.2)
    thor (0.19.1)

PLATFORMS
  ruby

DEPENDENCIES
  bundler (~> 1.3)
  rake
  rr
  rspec
  trusted-sandbox!
