PATH
  remote: .
  specs:
    trusted-sandbox (0.0.2)
      docker-api (~> 1.13)
      thor (~> 0.19)

GEM
  remote: https://rubygems.org/
  specs:
    archive-tar-minitar (0.5.2)
    docker-api (1.13.6)
      archive-tar-minitar
      excon (>= 0.38.0)
      json
    excon (0.40.0)
    json (1.8.1)
    rake (10.1.0)
    thor (0.19.1)

PLATFORMS
  ruby

DEPENDENCIES
  bundler (~> 1.3)
  rake
  trusted-sandbox!
